GEM
  remote: https://rubygems.org/
  specs:
    diff-lcs (1.2.5)
    domain_name (0.5.20160615)
      unf (>= 0.0.5, < 1.0.0)
    extlib (0.9.16)
    highline (1.7.8)
    http-cookie (1.0.2)
      domain_name (~> 0.5)
    json (2.0.2)
    mime-types (3.1)
      mime-types-data (~> 3.2015)
    mime-types-data (3.2016.0521)
    netrc (0.11.0)
    rack (1.6.4)
    rack-protection (1.5.3)
      rack
    rest-client (2.0.0)
      http-cookie (>= 1.0.2, < 2.0)
      mime-types (>= 1.16, < 4.0)
      netrc (~> 0.8)
    rspec (3.5.0)
      rspec-core (~> 3.5.0)
      rspec-expectations (~> 3.5.0)
      rspec-mocks (~> 3.5.0)
    rspec-core (3.5.1)
      rspec-support (~> 3.5.0)
    rspec-expectations (3.5.0)
      diff-lcs (>= 1.2.0, < 2.0)
      rspec-support (~> 3.5.0)
    rspec-mocks (3.5.0)
      diff-lcs (>= 1.2.0, < 2.0)
      rspec-support (~> 3.5.0)
    rspec-sinatra (0.1.2)
      templater (>= 1.0.0)
    rspec-support (3.5.0)
    shotgun (0.9.1)
      rack (>= 1.0)
    sinatra (1.4.7)
      rack (~> 1.5)
      rack-protection (~> 1.4)
      tilt (>= 1.3, < 3)
    sinatra-bootstrap (0.6.1)
      sinatra (>= 1.0)
      sinatra-outputbuffer
    sinatra-outputbuffer (0.1.0)
      sinatra (>= 1.0.a)
    templater (1.0.0)
      diff-lcs (>= 1.1.2)
      extlib (>= 0.9.5)
      highline (>= 1.4.0)
    tilt (2.0.5)
    unf (0.1.4)
      unf_ext
    unf_ext (0.0.7.2)

PLATFORMS
  ruby

DEPENDENCIES
  bundler
  json
  rest-client
  rspec
  rspec-sinatra
  shotgun
  sinatra
  sinatra-bootstrap

BUNDLED WITH
   1.10.6
